GEM
  remote: http://rubygems.org/
  specs:
    chronic (0.10.2)
    htmlentities (4.3.3)
    i18n (0.7.0)
    json (1.8.1)
    rack (1.6.0)
    rack-protection (1.5.3)
      rack
    redis (3.2.0)
    sinatra (1.4.5)
      rack (~> 1.4)
      rack-protection (~> 1.4)
      tilt (~> 1.3, >= 1.3.4)
    tilt (1.4.1)
    whenever (0.9.4)
      chronic (>= 0.6.3)

PLATFORMS
  ruby

DEPENDENCIES
  htmlentities
  i18n
  json
  redis
  sinatra
  whenever
